GIT
  remote: git://github.com/sinatra/sinatra.git
  revision: 184fe58ca5879d04fce82fcb190c10f72e1f63bc
  specs:
    sinatra (1.4.4)
      rack (~> 1.4)
      rack-protection (~> 1.4)
      tilt (~> 1.3, >= 1.3.4)

GEM
  remote: https://rubygems.org/
  specs:
    coderay (1.1.0)
    httparty (0.11.0)
      multi_json (~> 1.0)
      multi_xml (>= 0.5.2)
    method_source (0.8.2)
    multi_json (1.8.4)
    multi_xml (0.5.5)
    pry (0.9.12.4)
      coderay (~> 1.0)
      method_source (~> 0.8)
      slop (~> 3.4)
    rack (1.5.2)
    rack-protection (1.5.2)
      rack
    rapgenius (1.0.3)
      httparty (~> 0.11.0)
    slop (3.4.7)
    tilt (1.4.1)

PLATFORMS
  ruby

DEPENDENCIES
  pry
  rapgenius (~> 1.0.2)
  sinatra!
